PATH
  remote: .
  specs:
    standard-rubocop-lts (1.0.9)
      standard (>= 1.31.1, < 2)
      standard-custom (>= 1.0.1, < 2)
      standard-performance (>= 1.2, < 2)
      version_gem (>= 1.1.3, < 4)

GEM
  remote: https://rubygems.org/
  specs:
    ast (2.4.2)
    backports (3.24.1)
    base64 (0.1.1)
    byebug (11.1.3)
    coderay (1.1.3)
    diff-lcs (1.5.0)
    diffy (3.4.2)
    docile (1.4.0)
    gist (6.0.0)
    grit (2.5.0)
      diff-lcs (~> 1.1)
      mime-types (~> 1.15)
      posix-spawn (~> 0.3.6)
    highline (2.1.0)
    interception (0.5)
    json (2.6.3)
    language_server-protocol (3.17.0.3)
    lint_roller (1.1.0)
    method_source (1.0.0)
    mime-types (1.25.1)
    nokogiri (1.15.4-arm64-darwin)
      racc (~> 1.4)
    nokogiri (1.15.4-x86_64-darwin)
      racc (~> 1.4)
    nokogiri (1.15.4-x86_64-linux)
      racc (~> 1.4)
    parallel (1.23.0)
    parser (3.2.2.3)
      ast (~> 2.4.1)
      racc
    posix-spawn (0.3.15)
    pry (0.14.2)
      coderay (~> 1.1)
      method_source (~> 1.0)
    pry-byebug (3.10.1)
      byebug (~> 11.0)
      pry (>= 0.13, < 0.15)
    pry-doc (1.4.0)
      pry (~> 0.11)
      yard (~> 0.9.11)
    pry-docmore (0.1.1)
      pry
      pry-doc
    pry-git (0.2.3)
      diffy
      grit
      pry (>= 0.9.8)
    pry-highlight (0.1.0)
      coderay
      json
      nokogiri
      pry
    pry-macro (1.0.1)
      highline
      pry
    pry-pretty-numeric (0.1.1)
      pry
    pry-rescue (1.5.2)
      interception (>= 0.5)
      pry (>= 0.12.0)
    pry-suite (1.2.0)
      gist
      pry
      pry-byebug
      pry-doc
      pry-docmore
      pry-git
      pry-highlight
      pry-macro
      pry-pretty-numeric
      pry-rescue
    racc (1.7.1)
    rainbow (3.1.1)
    rake (13.0.6)
    redcarpet (3.6.0)
    regexp_parser (2.8.1)
    rexml (3.2.6)
    rspec (3.12.0)
      rspec-core (~> 3.12.0)
      rspec-expectations (~> 3.12.0)
      rspec-mocks (~> 3.12.0)
    rspec-block_is_expected (1.0.5)
    rspec-core (3.12.2)
      rspec-support (~> 3.12.0)
    rspec-expectations (3.12.3)
      diff-lcs (>= 1.2.0, < 2.0)
      rspec-support (~> 3.12.0)
    rspec-mocks (3.12.6)
      diff-lcs (>= 1.2.0, < 2.0)
      rspec-support (~> 3.12.0)
    rspec-support (3.12.1)
    rubocop (1.56.3)
      base64 (~> 0.1.1)
      json (~> 2.3)
      language_server-protocol (>= 3.17.0)
      parallel (~> 1.10)
      parser (>= 3.2.2.3)
      rainbow (>= 2.2.2, < 4.0)
      regexp_parser (>= 1.8, < 3.0)
      rexml (>= 3.2.5, < 4.0)
      rubocop-ast (>= 1.28.1, < 2.0)
      ruby-progressbar (~> 1.7)
      unicode-display_width (>= 2.4.0, < 3.0)
    rubocop-ast (1.29.0)
      parser (>= 3.2.1.0)
    rubocop-capybara (2.19.0)
      rubocop (~> 1.41)
    rubocop-factory_bot (2.24.0)
      rubocop (~> 1.33)
    rubocop-gradual (0.3.1)
      diff-lcs (>= 1.2.0, < 2.0)
      diffy (~> 3.0)
      parallel (~> 1.10)
      rainbow (>= 2.2.2, < 4.0)
      rubocop (~> 1.0)
    rubocop-md (1.2.0)
      rubocop (>= 1.0)
    rubocop-packaging (0.5.2)
      rubocop (>= 1.33, < 2.0)
    rubocop-performance (1.19.1)
      rubocop (>= 1.7.0, < 2.0)
      rubocop-ast (>= 0.4.0)
    rubocop-rake (0.6.0)
      rubocop (~> 1.0)
    rubocop-rspec (2.24.0)
      rubocop (~> 1.33)
      rubocop-capybara (~> 2.17)
      rubocop-factory_bot (~> 2.22)
    rubocop-shopify (2.14.0)
      rubocop (~> 1.51)
    rubocop-thread_safety (0.5.1)
      rubocop (>= 0.90.0)
    ruby-progressbar (1.13.0)
    simplecov (0.22.0)
      docile (~> 1.1)
      simplecov-html (~> 0.11)
      simplecov_json_formatter (~> 0.1)
    simplecov-cobertura (2.1.0)
      rexml
      simplecov (~> 0.19)
    simplecov-html (0.12.3)
    simplecov-json (0.2.3)
      json
      simplecov
    simplecov-lcov (0.8.0)
    simplecov-rcov (0.3.3)
      simplecov (>= 0.4.1)
    simplecov_json_formatter (0.1.4)
    standard (1.31.1)
      language_server-protocol (~> 3.17.0.2)
      lint_roller (~> 1.0)
      rubocop (~> 1.56.2)
      standard-custom (~> 1.0.0)
      standard-performance (~> 1.2)
    standard-custom (1.0.2)
      lint_roller (~> 1.0)
      rubocop (~> 1.50)
    standard-performance (1.2.0)
      lint_roller (~> 1.1)
      rubocop-performance (~> 1.19.0)
    unicode-display_width (2.4.2)
    version_gem (1.1.3)
    yard (0.9.34)
    yard-junk (0.0.9)
      backports (>= 3.18)
      rainbow
      yard

PLATFORMS
  arm64-darwin-22
  x86_64-darwin-22
  x86_64-linux

DEPENDENCIES
  pry (~> 0.14)
  pry-debugger-jruby (~> 2.1)
  pry-suite (~> 1.2)
  rake (~> 13.0)
  redcarpet (~> 3.6)
  rspec (~> 3.12)
  rspec-block_is_expected (~> 1.0)
  rubocop-gradual (~> 0.3)
  rubocop-md (~> 1.2)
  rubocop-packaging (~> 0.5)
  rubocop-rake (~> 0.6)
  rubocop-rspec (~> 2.22)
  rubocop-shopify (~> 2.13)
  rubocop-thread_safety (~> 0.5)
  simplecov (~> 0.22)
  simplecov-cobertura
  simplecov-json (~> 0.2)
  simplecov-lcov (~> 0.8)
  simplecov-rcov (~> 0.3, >= 0.3.3)
  standard-rubocop-lts!
  yard (~> 0.9, >= 0.9.34)
  yard-junk (~> 0.0)

BUNDLED WITH
   2.4.19
